GEM
  remote: https://rubygems.org/
  specs:
    ProMotion (1.2.0)
      methadone (~> 1.3)
      motion-require (~> 0.2)
    awesome_print_motion (0.1.0)
    dbt (1.1.4)
    methadone (1.4.0)
      bundler
    motion-kit (0.9.6)
      dbt
    motion-require (0.2.0)
    rake (10.3.2)
    sugarcube (1.6.1)

PLATFORMS
  ruby

DEPENDENCIES
  ProMotion
  awesome_print_motion
  motion-kit
  rake
  sugarcube
